GEM
  remote: https://rubygems.org/
  specs:
    awesome_print (1.2.0)
    ffi (1.9.3)
    ffi-coremidi (0.2.0)
      ffi (>= 1.0)
    micromidi (0.0.9)
      midi-eye (>= 0.1.3)
      midi-message (>= 0.2.2)
      unimidi (>= 0.2.3)
    midi-eye (0.2.2)
      midi-message
      midi-nibbler
      unimidi
    midi-message (0.3.2)
    midi-nibbler (0.1.1)
      midi-message
    unimidi (0.3.3)
      ffi-coremidi

PLATFORMS
  ruby

DEPENDENCIES
  awesome_print
  micromidi
